GEM
  remote: http://rubygems.org/
  specs:
    actionmailer (2.3.10)
      actionpack (= 2.3.10)
    actionpack (2.3.10)
      activesupport (= 2.3.10)
      rack (~> 1.1.0)
    activerecord (2.3.10)
      activesupport (= 2.3.10)
    activeresource (2.3.10)
      activesupport (= 2.3.10)
    activesupport (2.3.10)
    acts_as_list (0.1.2)
    addressable (2.2.4)
    aws-s3 (0.6.2)
      builder
      mime-types
      xml-simple
    builder (3.0.0)
    capybara (0.4.1.2)
      celerity (>= 0.7.9)
      culerity (>= 0.2.4)
      mime-types (>= 1.16)
      nokogiri (>= 1.3.3)
      rack (>= 1.0.0)
      rack-test (>= 0.5.4)
      selenium-webdriver (>= 0.0.27)
      xpath (~> 0.1.3)
    capybara-firebug (0.0.3)
      capybara (~> 0.4.1.2)
      cucumber (~> 0.10.0)
    celerity (0.8.8)
    childprocess (0.1.8)
      ffi (~> 1.0.6)
    citrus (2.3.4)
    columnize (0.3.2)
    crack (0.1.8)
    cucumber (0.10.2)
      builder (>= 2.1.2)
      diff-lcs (>= 1.1.2)
      gherkin (>= 2.3.5)
      json (>= 1.4.6)
      term-ansicolor (>= 1.0.5)
    cucumber-rails (0.3.2)
      cucumber (>= 0.8.0)
    culerity (0.2.15)
    curb (0.7.15)
    database_cleaner (0.5.2)
    devise (1.0.8)
      warden (~> 0.10.3)
    devise_invitable (0.2.3)
      devise (~> 1.0.6)
    diff-lcs (1.1.2)
    escape (0.0.4)
    factory_girl (1.3.2)
    ffi (1.0.7)
      rake (>= 0.8.7)
    gherkin (2.3.5)
      json (>= 1.4.6)
    haml (3.0.25)
    jasmine (1.0.1.1)
      json_pure (>= 1.4.3)
      rack (>= 1.0.0)
      rake (>= 0.8.7)
      rspec (>= 1.1.5)
      selenium-client (>= 1.2.17)
      selenium-rc (>= 2.1.0)
    json (1.5.1)
    json_pure (1.5.1)
    levenshtein (0.2.0)
    linecache (0.43)
    lll (1.3.0)
    mime-types (1.16)
    mysql (2.8.1)
    nokogiri (1.4.4)
    paper_trail (1.6.4)
      actionpack (>= 2.3)
      activerecord (>= 2.3)
    paperclip (2.3.6)
      activerecord
      activesupport
    rack (1.1.2)
    rack-test (0.5.7)
      rack (>= 1.0)
    rails (2.3.10)
      actionmailer (= 2.3.10)
      actionpack (= 2.3.10)
      activerecord (= 2.3.10)
      activeresource (= 2.3.10)
      activesupport (= 2.3.10)
      rake (>= 0.8.3)
    rake (0.8.7)
    rsolr (0.12.1)
      builder (>= 2.1.2)
    rspec (1.3.0)
    rspec-rails (1.3.2)
      rack (>= 1.0.0)
      rspec (>= 1.3.0)
    ruby-debug (0.10.4)
      columnize (>= 0.1)
      ruby-debug-base (~> 0.10.4.0)
    ruby-debug-base (0.10.4)
      linecache (>= 0.3)
    rubyzip (0.9.4)
    selenium-client (1.2.18)
    selenium-rc (2.3.2)
      selenium-client (>= 1.2.18)
    selenium-webdriver (0.1.4)
      childprocess (>= 0.1.7)
      ffi (>= 1.0.7)
      json_pure
      rubyzip
    sunspot (1.1.0)
      escape (= 0.0.4)
      rsolr (= 0.12.1)
    sunspot_rails (1.1.0)
      sunspot (= 1.1.0)
    term-ansicolor (1.0.5)
    warden (0.10.7)
      rack (>= 1.0.0)
    webmock (1.6.1)
      addressable (>= 2.2.2)
      crack (>= 0.1.7)
    will_paginate (2.3.15)
    xml-simple (1.0.14)
    xpath (0.1.3)
      nokogiri (~> 1.3)

PLATFORMS
  ruby

DEPENDENCIES
  acts_as_list (= 0.1.2)
  aws-s3 (= 0.6.2)
  capybara (= 0.4.1.2)
  capybara-firebug
  citrus (= 2.3.4)
  cucumber-rails (= 0.3.2)
  curb
  database_cleaner (= 0.5.2)
  devise (= 1.0.8)
  devise_invitable (= 0.2.3)
  factory_girl (= 1.3.2)
  haml (= 3.0.25)
  jasmine
  levenshtein
  lll (= 1.3.0)
  mysql
  nokogiri (= 1.4.4)
  paper_trail (= 1.6.4)
  paperclip (= 2.3.6)
  rails (= 2.3.10)
  rspec (= 1.3.0)
  rspec-rails (= 1.3.2)
  ruby-debug
  sunspot (= 1.1.0)
  sunspot_rails (= 1.1.0)
  webmock (= 1.6.1)
  will_paginate (= 2.3.15)
